GEM
  remote: https://rubygems.org/
  specs:
    mini_portile2 (2.1.0)
    nokogiri (1.7.2)
      mini_portile2 (~> 2.1.0)
    ruby-ole (1.2.12.1)
    rubyXL (3.3.23)
      nokogiri (>= 1.4.4)
      rubyzip (>= 1.1.6)
    rubyzip (1.2.1)
    spreadsheet (1.1.4)
      ruby-ole (>= 1.0)

PLATFORMS
  ruby

DEPENDENCIES
  nokogiri
  rubyXL
  spreadsheet

BUNDLED WITH
   1.13.6
